GEM
  remote: https://rubygems.org/
  specs:
    gmail-britta (0.1.7)
      haml (~> 3.1.6)
    haml (3.1.8)

PLATFORMS
  ruby

DEPENDENCIES
  gmail-britta!

BUNDLED WITH
   2.1.4
